GEM
  remote: https://rubygems.org/
  specs:
    coderay (1.1.2)
    json (2.1.0)
    method_source (0.9.0)
    mustermann (1.0.3)
    pg (1.1.3)
    pry (0.11.3)
      coderay (~> 1.1.0)
      method_source (~> 0.9.0)
    rack (2.0.5)
    rack-protection (2.0.4)
      rack
    sinatra (2.0.4)
      mustermann (~> 1.0)
      rack (~> 2.0)
      rack-protection (= 2.0.4)
      tilt (~> 2.0)
    sinatra-cross_origin (0.4.0)
    tilt (2.0.8)

PLATFORMS
  ruby

DEPENDENCIES
  json
  pg
  pry
  sinatra
  sinatra-cross_origin

BUNDLED WITH
   1.16.5
